GEM
  remote: http://rubygems.org/
  specs:
    childprocess (0.9.0)
      ffi (~> 1.0, >= 1.0.11)
    ffi (1.9.18)
    power_assert (1.2.0)
    rubyzip (1.3.0)
    selenium-webdriver (3.4.1)
      childprocess (~> 0.5)
      rubyzip (~> 1.0)
    test-unit (3.3.5)
      power_assert

PLATFORMS
  ruby

DEPENDENCIES
  ffi (= 1.9.18)
  selenium-webdriver (= 3.4.1)
  test-unit

BUNDLED WITH
   2.1.4
